GEM
  remote: https://rubygems.org/
  specs:
    erubis (2.7.0)
    kgio (2.10.0)
    mustermann (1.1.1)
      ruby2_keywords (~> 0.0.1)
    mysql2 (0.4.0)
    mysql2-cs-bind (0.0.6)
      mysql2
    rack (2.2.3)
    rack-protection (2.2.0)
      rack
    raindrops (0.15.0)
    ruby2_keywords (0.0.5)
    sinatra (2.2.0)
      mustermann (~> 1.0)
      rack (~> 2.2)
      rack-protection (= 2.2.0)
      tilt (~> 2.0)
    tilt (2.0.10)
    unicorn (4.9.0)
      kgio (~> 2.6)
      rack
      raindrops (~> 0.7)

PLATFORMS
  ruby

DEPENDENCIES
  erubis
  mysql2
  mysql2-cs-bind
  sinatra
  unicorn
