GEM
  remote: https://rubygems.org/
  specs:
    concurrent-ruby (1.1.10)
    faker (1.5.0)
      i18n (~> 0.5)
    gimei (0.2.0)
    i18n (0.9.5)
      concurrent-ruby (~> 1.0)
    mysql2 (0.4.1)
    thor (0.19.1)

PLATFORMS
  ruby

DEPENDENCIES
  faker
  gimei
  mysql2
  thor
